{
  "AcquisitionMatrixPE": 110,
  "AcquisitionNumber": 1,
  "AcquisitionTime": "12:20:31.457500",
  "BandwidthPerPixelPhaseEncode": 26.35,
  "BaseResolution": 110,
  "CoilString": "C:HEA;HEP",
  "ConversionSoftware": "dcm2niix",
  "ConversionSoftwareVersion": "v1.0.20190410  GCC6.3.0",
  "DerivedVendorReportedEchoSpacing": 0.000690012,
  "DeviceSerialNumber": "35422",
  "DwellTime": 2.6e-06,
  "EchoTime": 0.03,
  "EffectiveEchoSpacing": 0.000345006,
  "FlipAngle": 85,
  "ImageComments": "Unaliased_MB4_PE4_LB",
  "ImageOrientationPatientDICOM": [0.999997, -0.000540556, -0.00234955, 2.10589e-10, 0.974541, -0.22421],
  "ImageType": [
    "ORIGINAL",
    "PRIMARY",
    "FMRI",
    "NONE",
    "MB",
    "ND",
    "MOSAIC"
],
  "ImagingFrequency": 123.178,
  "InPlanePhaseEncodingDirectionDICOM": "ROW",
  "InstitutionAddress": "kwanakro_599_C4F276_Seoul_KR_ZIP",
  "InstitutionName": "SNUBIC",
  "InstitutionalDepartmentName": "Department",
  "MRAcquisitionType": "2D",
  "MagneticFieldStrength": 3,
  "Manufacturer": "Siemens",
  "ManufacturersModelName": "TrioTim",
  "Modality": "MR",
  "MultibandAccelerationFactor": 4,
  "ParallelReductionFactorInPlane": 2,
  "PartialFourier": 1,
  "PatientPosition": "HFS",
  "PercentPhaseFOV": 100,
  "PhaseEncodingDirection": "i-",
  "PhaseEncodingSteps": 110,
  "PhaseResolution": 1,
  "PixelBandwidth": 1748,
  "ProcedureStepDescription": "SNU_SAVED",
  "ProtocolName": "GNG1_MB4_LR_SBRef",
  "PulseSequenceDetails": "%CustomerSeq%_cmrr_mbep2d_bold",
  "ReceiveCoilName": "32Ch_Head",
  "ReconMatrixPE": 110,
  "RefLinesPE": 32,
  "RepetitionTime": 1.5,
  "SAR": 0.109347,
  "ScanOptions": "FS",
  "ScanningSequence": "EP",
  "SequenceName": "epfid2d1_110",
  "SequenceVariant": "SK_SS",
  "SeriesDescription": "GNG1_MB4_LR_SBRef",
  "SeriesNumber": 13,
  "ShimSetting": [-4184, -29680, -2310, 407, -248, -47, -589, -105],
  "SliceThickness": 2.3,
  "SliceTiming": [0, 0.66, 1.3175, 0.47, 1.13, 0.2825, 0.9425, 0.095, 0.7525, 1.4125, 0.565, 1.2225, 0.3775, 1.035, 0.1875, 0.8475, 0, 0.66, 1.3175, 0.47, 1.13, 0.2825, 0.9425, 0.095, 0.7525, 1.4125, 0.565, 1.2225, 0.3775, 1.035, 0.1875, 0.8475, 0, 0.66, 1.3175, 0.47, 1.13, 0.2825, 0.9425, 0.095, 0.7525, 1.4125, 0.565, 1.2225, 0.3775, 1.035, 0.1875, 0.8475, 0, 0.66, 1.3175, 0.47, 1.13, 0.2825, 0.9425, 0.095, 0.7525, 1.4125, 0.565, 1.2225, 0.3775, 1.035, 0.1875, 0.8475],
  "SoftwareVersions": "syngo_MR_B17",
  "SpacingBetweenSlices": 2.3,
  "StationName": "MRC35422",
  "TaskName": "gng",
  "TotalReadoutTime": 0.0376057,
  "TxRefAmp": 298.545,
  "dcmmeta_affine": [
    [-2.327265977859497, 4.900975736354951e-10, -0.005545143038034439, 131.12123107910156],
    [0.0012580212205648422, 2.268022060394287, -0.5156822800636292, -101.70569610595703],
    [-0.0054680462926626205, 0.5217986106872559, 2.2414374351501465, -77.08848571777344],
    [0.0, 0.0, 0.0, 1.0]
],
  "dcmmeta_reorient_transform": [
    [0.0, -1.0, 0.0, 109.0],
    [1.0, 0.0, 0.0, 0.0],
    [0.0, 0.0, 1.0, 0.0],
    [0.0, 0.0, 0.0, 1.0]
],
  "dcmmeta_shape": [110, 110, 64, 277],
  "dcmmeta_slice_dim": 2,
  "dcmmeta_version": 0.6,
  "global": {
    "const": {
      "AcquisitionMatrix": [0, 110, 110, 0],
      "AngioFlag": "N",
      "BitsAllocated": 16,
      "BitsStored": 12,
      "Columns": 880,
      "EchoNumbers": 1,
      "EchoTime": 30.0,
      "EchoTrainLength": 1,
      "FlipAngle": 85.0,
      "HighBit": 11,
      "ImageOrientationPatient": [0.99999709370008, -0.0005405559997, -0.0023495511493, 2.105888e-10, 0.97454077653638, -0.22421033622],
      "ImagePositionPatient": [-1027.1185985665, -1018.2128813357, 182.78521633729],
      "ImageType": [
        "ORIGINAL",
        "PRIMARY",
        "FMRI",
        "NONE",
        "MB",
        "ND",
        "MOSAIC"
],
      "ImagedNucleus": "1H",
      "ImagingFrequency": 123.17752,
      "InPlanePhaseEncodingDirection": "ROW",
      "MRAcquisitionType": "2D",
      "MagneticFieldStrength": 3.0,
      "Manufacturer": "SIEMENS",
      "ManufacturerModelName": "TrioTim",
      "Modality": "MR",
      "NumberOfAverages": 1.0,
      "NumberOfPhaseEncodingSteps": 110,
      "PercentPhaseFieldOfView": 100.0,
      "PercentSampling": 100.0,
      "PerformedProcedureStepStartTime": "115238.218000",
      "PhotometricInterpretation": "MONOCHROME2",
      "PixelBandwidth": 1748.0,
      "PixelRepresentation": 0,
      "PixelSpacing": [2.3272726535797, 2.3272726535797],
      "ProtocolName": "GNG1_MB4_LR_SBRef",
      "ReferencedPerformedProcedureStepSequence": [
        {
          "ReferencedSOPClassUID": "1.2.840.10008.3.1.2.3.3",
          "ReferencedSOPInstanceUID": "1.3.12.2.1107.5.2.32.35422.30000020020800231482800000001"}
],
      "RepetitionTime": 1500.0,
      "Rows": 880,
      "SAR": 0.10934652948192,
      "SamplesPerPixel": 1,
      "ScanOptions": "FS",
      "ScanningSequence": "EP",
      "SequenceName": "epfid2d1_110",
      "SequenceVariant": [
        "SK",
        "SS"
],
      "SeriesDescription": "GNG1_MB4_LR_SBRef",
      "SeriesNumber": 13,
      "SeriesTime": "122959.453000",
      "SliceLocation": -52.638372743552,
      "SliceThickness": 2.2999999523163,
      "SmallestImagePixelValue": 0,
      "SoftwareVersions": "syngo MR B17",
      "SpacingBetweenSlices": 2.3000000580293,
      "SpecificCharacterSet": "ISO_IR 100",
      "StudyID": "1",
      "StudyTime": "115238.171000",
      "TransmitCoilName": "Body",
      "VariableFlipAngleFlag": "N",
      "WindowCenterWidthExplanation": "Algo1",
      "dBdt": 0.0},
