{
  "AcquisitionMatrixPE": 110,
  "AcquisitionNumber": 1,
  "AcquisitionTime": "10:57:42.367500",
  "BandwidthPerPixelPhaseEncode": 26.35,
  "BaseResolution": 110,
  "CoilString": "C:HEA;HEP",
  "ConversionSoftware": "dcm2niix",
  "ConversionSoftwareVersion": "v1.0.20190410  GCC6.3.0",
  "DerivedVendorReportedEchoSpacing": 0.000690012,
  "DeviceSerialNumber": "35422",
  "DwellTime": 2.6e-06,
  "EchoTime": 0.03,
  "EffectiveEchoSpacing": 0.000345006,
  "FlipAngle": 85,
  "ImageComments": "Unaliased_MB4_PE4_LB",
  "ImageOrientationPatientDICOM": [0.999782, -0.00229034, 0.0207489, 2.43551e-10, 0.993963, 0.109717],
  "ImageType": [
    "ORIGINAL",
    "PRIMARY",
    "FMRI",
    "NONE",
    "MB",
    "ND",
    "MOSAIC"
],
  "ImagingFrequency": 123.177,
  "InPlanePhaseEncodingDirectionDICOM": "ROW",
  "InstitutionAddress": "kwanakro_599_C6F879_Seoul_KR_ZIP",
  "InstitutionName": "SNUBIC",
  "InstitutionalDepartmentName": "Department",
  "MRAcquisitionType": "2D",
  "MagneticFieldStrength": 3,
  "Manufacturer": "Siemens",
  "ManufacturersModelName": "TrioTim",
  "Modality": "MR",
  "MultibandAccelerationFactor": 4,
  "ParallelReductionFactorInPlane": 2,
  "PartialFourier": 1,
  "PatientPosition": "HFS",
  "PercentPhaseFOV": 100,
  "PhaseEncodingDirection": "i-",
  "PhaseEncodingSteps": 110,
  "PhaseResolution": 1,
  "PixelBandwidth": 1748,
  "ProcedureStepDescription": "SNU_SAVED",
  "ProtocolName": "WMGNG2_MB4_LR_SBRef",
  "PulseSequenceDetails": "%CustomerSeq%_cmrr_mbep2d_bold",
  "ReceiveCoilName": "32Ch_Head",
  "ReconMatrixPE": 110,
  "RefLinesPE": 32,
  "RepetitionTime": 1.5,
  "SAR": 0.122999,
  "ScanOptions": "FS",
  "ScanningSequence": "EP",
  "SequenceName": "epfid2d1_110",
  "SequenceVariant": "SK_SS",
  "SeriesDescription": "WMGNG2_MB4_LR_SBRef",
  "SeriesNumber": 20,
  "ShimSetting": [-4150, -29738, -2055, 616, 69, 609, 194, -106],
  "SliceThickness": 2.3,
  "SliceTiming": [0, 0.66, 1.3175, 0.4725, 1.13, 0.2825, 0.9425, 0.095, 0.755, 1.4125, 0.565, 1.225, 0.3775, 1.035, 0.19, 0.8475, 0, 0.66, 1.3175, 0.4725, 1.13, 0.2825, 0.9425, 0.095, 0.755, 1.4125, 0.565, 1.225, 0.3775, 1.035, 0.19, 0.8475, 0, 0.66, 1.3175, 0.4725, 1.13, 0.2825, 0.9425, 0.095, 0.755, 1.4125, 0.565, 1.225, 0.3775, 1.035, 0.19, 0.8475, 0, 0.66, 1.3175, 0.4725, 1.13, 0.2825, 0.9425, 0.095, 0.755, 1.4125, 0.565, 1.225, 0.3775, 1.035, 0.19, 0.8475],
  "SoftwareVersions": "syngo_MR_B17",
  "SpacingBetweenSlices": 2.3,
  "StationName": "MRC35422",
  "TaskName": "wmgng",
  "TotalReadoutTime": 0.0376057,
  "TxRefAmp": 302.108,
  "dcmmeta_affine": [
    [-2.326765537261963, 5.668095992561462e-10, 0.04801240935921669, 128.5513458251953],
    [0.005330236162990332, 2.313222646713257, 0.25229382514953613, -114.05269622802734],
    [0.048288434743881226, -0.2553410828113556, 2.285616397857666, -27.593374252319336],
    [0.0, 0.0, 0.0, 1.0]
],
  "dcmmeta_reorient_transform": [
    [0.0, -1.0, 0.0, 109.0],
    [1.0, 0.0, 0.0, 0.0],
    [0.0, 0.0, 1.0, 0.0],
    [0.0, 0.0, 0.0, 1.0]
],
  "dcmmeta_shape": [110, 110, 64, 357],
  "dcmmeta_slice_dim": 2,
  "dcmmeta_version": 0.6,
  "global": {
    "const": {
      "AcquisitionMatrix": [0, 110, 110, 0],
      "AngioFlag": "N",
      "BitsAllocated": 16,
      "BitsStored": 12,
      "Columns": 880,
      "EchoNumbers": 1,
      "EchoTime": 30.0,
      "EchoTrainLength": 1,
      "FlipAngle": 85.0,
      "HighBit": 11,
      "ImageOrientationPatient": [0.99978209424638, -0.0022903358805, 0.0207489369818, 2.43551e-10, 0.99396287984332, 0.10971687879985],
      "ImagePositionPatient": [-1024.3560734368, -1026.6271433339, -172.32292039032],
      "ImageType": [
        "ORIGINAL",
        "PRIMARY",
        "FMRI",
        "NONE",
        "MB",
        "ND",
        "MOSAIC"
],
      "ImagedNucleus": "1H",
      "ImagingFrequency": 123.177289,
      "InPlanePhaseEncodingDirection": "ROW",
      "MRAcquisitionType": "2D",
      "MagneticFieldStrength": 3.0,
      "Manufacturer": "SIEMENS",
      "ManufacturerModelName": "TrioTim",
      "Modality": "MR",
      "NumberOfAverages": 1.0,
      "NumberOfPhaseEncodingSteps": 110,
      "PercentPhaseFieldOfView": 100.0,
      "PercentSampling": 100.0,
      "PerformedProcedureStepStartTime": "101915.359000",
      "PhotometricInterpretation": "MONOCHROME2",
      "PixelBandwidth": 1748.0,
      "PixelRepresentation": 0,
      "PixelSpacing": [2.3272726535797, 2.3272726535797],
      "ProtocolName": "WMGNG2_MB4_LR_SBRef",
      "ReferencedPerformedProcedureStepSequence": [
        {
          "ReferencedSOPClassUID": "1.2.840.10008.3.1.2.3.3",
          "ReferencedSOPInstanceUID": "1.3.12.2.1107.5.2.32.35422.30000020060401191539000000000"}
],
      "RepetitionTime": 1500.0,
      "Rows": 880,
      "SAR": 0.12299919973567,
      "SamplesPerPixel": 1,
      "ScanOptions": "FS",
      "ScanningSequence": "EP",
      "SequenceName": "epfid2d1_110",
      "SequenceVariant": [
        "SK",
        "SS"
],
      "SeriesDescription": "WMGNG2_MB4_LR_SBRef",
      "SeriesNumber": 20,
      "SeriesTime": "110640.109000",
      "SliceLocation": -37.248087680387,
      "SliceThickness": 2.2999999523163,
      "SmallestImagePixelValue": 0,
      "SoftwareVersions": "syngo MR B17",
      "SpacingBetweenSlices": 2.2999999693181,
      "SpecificCharacterSet": "ISO_IR 100",
      "StudyID": "1",
      "StudyTime": "101915.171000",
      "TransmitCoilName": "Body",
      "VariableFlipAngleFlag": "N",
      "WindowCenterWidthExplanation": "Algo1",
      "dBdt": 0.0},
