{
  "AcquisitionMatrixPE": 110,
  "AcquisitionNumber": 1,
  "AcquisitionTime": "16:41:18.995000",
  "BandwidthPerPixelPhaseEncode": 26.35,
  "BaseResolution": 110,
  "CoilString": "C:HEA;HEP",
  "ConversionSoftware": "dcm2niix",
  "ConversionSoftwareVersion": "v1.0.20190410  GCC6.3.0",
  "DerivedVendorReportedEchoSpacing": 0.000690012,
  "DeviceSerialNumber": "35422",
  "DwellTime": 2.6e-06,
  "EchoTime": 0.03,
  "EffectiveEchoSpacing": 0.000345006,
  "FlipAngle": 85,
  "ImageComments": "Unaliased_MB4_PE4_LB",
  "ImageOrientationPatientDICOM": [0.999997, -0.000495351, -0.0023595, 1.87482e-10, 0.978665, -0.20546],
  "ImageType": [
    "ORIGINAL",
    "PRIMARY",
    "FMRI",
    "NONE",
    "MB",
    "ND",
    "MOSAIC"
],
  "ImagingFrequency": 123.178,
  "InPlanePhaseEncodingDirectionDICOM": "ROW",
  "InstitutionAddress": "kwanakro_599_C4F276_Seoul_KR_ZIP",
  "InstitutionName": "SNUBIC",
  "InstitutionalDepartmentName": "Department",
  "MRAcquisitionType": "2D",
  "MagneticFieldStrength": 3,
  "Manufacturer": "Siemens",
  "ManufacturersModelName": "TrioTim",
  "Modality": "MR",
  "MultibandAccelerationFactor": 4,
  "ParallelReductionFactorInPlane": 2,
  "PartialFourier": 1,
  "PatientPosition": "HFS",
  "PercentPhaseFOV": 100,
  "PhaseEncodingDirection": "i-",
  "PhaseEncodingSteps": 110,
  "PhaseResolution": 1,
  "PixelBandwidth": 1748,
  "ProcedureStepDescription": "SNU_SAVED",
  "ProtocolName": "GNG1_MB4_LR_SBRef",
  "PulseSequenceDetails": "%CustomerSeq%_cmrr_mbep2d_bold",
  "ReceiveCoilName": "32Ch_Head",
  "ReconMatrixPE": 110,
  "RefLinesPE": 32,
  "RepetitionTime": 1.5,
  "SAR": 0.116173,
  "ScanOptions": "FS",
  "ScanningSequence": "EP",
  "SequenceName": "epfid2d1_110",
  "SequenceVariant": "SK_SS",
  "SeriesDescription": "GNG1_MB4_LR_SBRef",
  "SeriesNumber": 13,
  "ShimSetting": [-4160, -29532, -2138, 636, -186, 691, -302, -26],
  "SliceThickness": 2.3,
  "SliceTiming": [0, 0.6575, 1.315, 0.47, 1.1275, 0.28, 0.94, 0.0925, 0.7525, 1.41, 0.5625, 1.2225, 0.375, 1.035, 0.1875, 0.845, 0, 0.6575, 1.315, 0.47, 1.1275, 0.28, 0.94, 0.0925, 0.7525, 1.41, 0.5625, 1.2225, 0.375, 1.035, 0.1875, 0.845, 0, 0.6575, 1.315, 0.47, 1.1275, 0.28, 0.94, 0.0925, 0.7525, 1.41, 0.5625, 1.2225, 0.375, 1.035, 0.1875, 0.845, 0, 0.6575, 1.315, 0.47, 1.1275, 0.28, 0.94, 0.0925, 0.7525, 1.41, 0.5625, 1.2225, 0.375, 1.035, 0.1875, 0.845],
  "SoftwareVersions": "syngo_MR_B17",
  "SpacingBetweenSlices": 2.3,
  "StationName": "MRC35422",
  "TaskName": "gng",
  "TotalReadoutTime": 0.0376057,
  "TxRefAmp": 315.727,
  "dcmmeta_affine": [
    [-2.327265977859497, 4.3632125690251655e-10, -0.005545143038034439, 134.1700897216797],
    [0.0011528169270604849, 2.277621269226074, -0.47255739569664, -111.63243103027344],
    [-0.005491189658641815, 0.4781621992588043, 2.2509241104125977, -82.19444274902344],
    [0.0, 0.0, 0.0, 1.0]
],
  "dcmmeta_reorient_transform": [
    [0.0, -1.0, 0.0, 109.0],
    [1.0, 0.0, 0.0, 0.0],
    [0.0, 0.0, 1.0, 0.0],
    [0.0, 0.0, 0.0, 1.0]
],
  "dcmmeta_shape": [110, 110, 64, 277],
  "dcmmeta_slice_dim": 2,
  "dcmmeta_version": 0.6,
  "global": {
    "const": {
      "AcquisitionMatrix": [0, 110, 110, 0],
      "AngioFlag": "N",
      "BitsAllocated": 16,
      "BitsStored": 12,
      "Columns": 880,
      "EchoNumbers": 1,
      "EchoTime": 30.0,
      "EchoTrainLength": 1,
      "FlipAngle": 85.0,
      "HighBit": 11,
      "ImageOrientationPatient": [0.99999709369981, -0.0004953510192, -0.0023594955602, 1.874818e-10, 0.97866544463875, -0.2054603306481],
      "ImagePositionPatient": [-1030.167463384, -1013.0686666942, 156.1317979721],
      "ImageType": [
        "ORIGINAL",
        "PRIMARY",
        "FMRI",
        "NONE",
        "MB",
        "ND",
        "MOSAIC"
],
      "ImagedNucleus": "1H",
      "ImagingFrequency": 123.177647,
      "InPlanePhaseEncodingDirection": "ROW",
      "MRAcquisitionType": "2D",
      "MagneticFieldStrength": 3.0,
      "Manufacturer": "SIEMENS",
      "ManufacturerModelName": "TrioTim",
      "Modality": "MR",
      "NumberOfAverages": 1.0,
      "NumberOfPhaseEncodingSteps": 110,
      "PercentPhaseFieldOfView": 100.0,
      "PercentSampling": 100.0,
      "PerformedProcedureStepStartTime": "161242.468000",
      "PhotometricInterpretation": "MONOCHROME2",
      "PixelBandwidth": 1748.0,
      "PixelRepresentation": 0,
      "PixelSpacing": [2.3272726535797, 2.3272726535797],
      "ProtocolName": "GNG1_MB4_LR_SBRef",
      "ReferencedPerformedProcedureStepSequence": [
        {
          "ReferencedSOPClassUID": "1.2.840.10008.3.1.2.3.3",
          "ReferencedSOPInstanceUID": "1.3.12.2.1107.5.2.32.35422.30000019122407124248400000000"}
],
      "RepetitionTime": 1500.0,
      "Rows": 880,
      "SAR": 0.11617283517079,
      "SamplesPerPixel": 1,
      "ScanOptions": "FS",
      "ScanningSequence": "EP",
      "SequenceName": "epfid2d1_110",
      "SequenceVariant": [
        "SK",
        "SS"
],
      "SeriesDescription": "GNG1_MB4_LR_SBRef",
      "SeriesNumber": 13,
      "SeriesTime": "165027.484000",
      "SliceLocation": -57.828130346244,
      "SliceThickness": 2.2999999523163,
      "SmallestImagePixelValue": 0,
      "SoftwareVersions": "syngo MR B17",
      "SpacingBetweenSlices": 2.3000000166519,
      "SpecificCharacterSet": "ISO_IR 100",
      "StudyID": "1",
      "StudyTime": "161242.281000",
      "TransmitCoilName": "Body",
      "VariableFlipAngleFlag": "N",
      "WindowCenterWidthExplanation": "Algo1",
      "dBdt": 0.0},
