{
  "AcquisitionMatrixPE": 110,
  "AcquisitionNumber": 1,
  "AcquisitionTime": "10:27:26.957500",
  "BandwidthPerPixelPhaseEncode": 26.35,
  "BaseResolution": 110,
  "CoilString": "C:HEA;HEP",
  "ConversionSoftware": "dcm2niix",
  "ConversionSoftwareVersion": "v1.0.20190410  GCC6.3.0",
  "DerivedVendorReportedEchoSpacing": 0.000690012,
  "DeviceSerialNumber": "35422",
  "DwellTime": 2.6e-06,
  "EchoTime": 0.03,
  "EffectiveEchoSpacing": 0.000345006,
  "FlipAngle": 85,
  "ImageComments": "Unaliased_MB4_PE4_LB",
  "ImageOrientationPatientDICOM": [0.999782, -0.00218166, 0.0207606, 1.56573e-10, 0.994524, 0.104511],
  "ImageType": [
    "ORIGINAL",
    "PRIMARY",
    "FMRI",
    "NONE",
    "MB",
    "ND",
    "MOSAIC"
],
  "ImagingFrequency": 123.177,
  "InPlanePhaseEncodingDirectionDICOM": "ROW",
  "InstitutionAddress": "kwanakro_599_C6F879_Seoul_KR_ZIP",
  "InstitutionName": "SNUBIC",
  "InstitutionalDepartmentName": "Department",
  "MRAcquisitionType": "2D",
  "MagneticFieldStrength": 3,
  "Manufacturer": "Siemens",
  "ManufacturersModelName": "TrioTim",
  "Modality": "MR",
  "MultibandAccelerationFactor": 4,
  "ParallelReductionFactorInPlane": 2,
  "PartialFourier": 1,
  "PatientPosition": "HFS",
  "PercentPhaseFOV": 100,
  "PhaseEncodingDirection": "i-",
  "PhaseEncodingSteps": 110,
  "PhaseResolution": 1,
  "PixelBandwidth": 1748,
  "ProcedureStepDescription": "SNU_SAVED",
  "ProtocolName": "WMGNG2_MB4_LR_SBRef",
  "PulseSequenceDetails": "%CustomerSeq%_cmrr_mbep2d_bold",
  "ReceiveCoilName": "32Ch_Head",
  "ReconMatrixPE": 110,
  "RefLinesPE": 32,
  "RepetitionTime": 1.5,
  "SAR": 0.136167,
  "ScanOptions": "FS",
  "ScanningSequence": "EP",
  "SequenceName": "epfid2d1_110",
  "SequenceVariant": "SK_SS",
  "SeriesDescription": "WMGNG2_MB4_LR_SBRef",
  "SeriesNumber": 20,
  "ShimSetting": [-4168, -29839, -2010, 745, -174, 306, -13, 5],
  "SliceThickness": 2.3,
  "SliceTiming": [0, 0.6575, 1.3175, 0.47, 1.1275, 0.2825, 0.94, 0.0925, 0.7525, 1.41, 0.565, 1.2225, 0.375, 1.035, 0.1875, 0.845, 0, 0.6575, 1.3175, 0.47, 1.1275, 0.2825, 0.94, 0.0925, 0.7525, 1.41, 0.565, 1.2225, 0.375, 1.035, 0.1875, 0.845, 0, 0.6575, 1.3175, 0.47, 1.1275, 0.2825, 0.94, 0.0925, 0.7525, 1.41, 0.565, 1.2225, 0.375, 1.035, 0.1875, 0.845, 0, 0.6575, 1.3175, 0.47, 1.1275, 0.2825, 0.94, 0.0925, 0.7525, 1.41, 0.565, 1.2225, 0.375, 1.035, 0.1875, 0.845],
  "SoftwareVersions": "syngo_MR_B17",
  "SpacingBetweenSlices": 2.3,
  "StationName": "MRC35422",
  "TaskName": "wmgng",
  "TotalReadoutTime": 0.0376057,
  "TxRefAmp": 306.611,
  "dcmmeta_affine": [
    [-2.326765537261963, 3.643885193582719e-10, 0.04801241308450699, 125.8595199584961],
    [0.005077327135950327, 2.314527988433838, 0.24032297730445862, -117.3231201171875],
    [0.048315685242414474, -0.24322566390037537, 2.2869060039520264, -36.18265914916992],
    [0.0, 0.0, 0.0, 1.0]
],
  "dcmmeta_reorient_transform": [
    [0.0, -1.0, 0.0, 109.0],
    [1.0, 0.0, 0.0, 0.0],
    [0.0, 0.0, 1.0, 0.0],
    [0.0, 0.0, 0.0, 1.0]
],
  "dcmmeta_shape": [110, 110, 64, 357],
  "dcmmeta_slice_dim": 2,
  "dcmmeta_version": 0.6,
  "global": {
    "const": {
      "AcquisitionMatrix": [0, 110, 110, 0],
      "AngioFlag": "N",
      "BitsAllocated": 16,
      "BitsStored": 12,
      "Columns": 880,
      "EchoNumbers": 1,
      "EchoTime": 30.0,
      "EchoTrainLength": 1,
      "FlipAngle": 85.0,
      "HighBit": 11,
      "ImageOrientationPatient": [0.99978209421957, -0.0021816639985, 0.02076064594691, 1.565732e-10, 0.99452372770406, 0.1045110282871],
      "ImagePositionPatient": [-1021.6642507318, -1024.0988805538, -174.93767140228],
      "ImageType": [
        "ORIGINAL",
        "PRIMARY",
        "FMRI",
        "NONE",
        "MB",
        "ND",
        "MOSAIC"
],
      "ImagedNucleus": "1H",
      "ImagingFrequency": 123.177246,
      "InPlanePhaseEncodingDirection": "ROW",
      "MRAcquisitionType": "2D",
      "MagneticFieldStrength": 3.0,
      "Manufacturer": "SIEMENS",
      "ManufacturerModelName": "TrioTim",
      "Modality": "MR",
      "NumberOfAverages": 1.0,
      "NumberOfPhaseEncodingSteps": 110,
      "PercentPhaseFieldOfView": 100.0,
      "PercentSampling": 100.0,
      "PerformedProcedureStepStartTime": "094343.421000",
      "PhotometricInterpretation": "MONOCHROME2",
      "PixelBandwidth": 1748.0,
      "PixelRepresentation": 0,
      "PixelSpacing": [2.3272726535797, 2.3272726535797],
      "ProtocolName": "WMGNG2_MB4_LR_SBRef",
      "ReferencedPerformedProcedureStepSequence": [
        {
          "ReferencedSOPClassUID": "1.2.840.10008.3.1.2.3.3",
          "ReferencedSOPInstanceUID": "1.3.12.2.1107.5.2.32.35422.30000020100700434346800000000"}
],
      "RepetitionTime": 1500.0,
      "Rows": 880,
      "SAR": 0.13616716393286,
      "SamplesPerPixel": 1,
      "ScanOptions": "FS",
      "ScanningSequence": "EP",
      "SequenceName": "epfid2d1_110",
      "SequenceVariant": [
        "SK",
        "SS"
],
      "SeriesDescription": "WMGNG2_MB4_LR_SBRef",
      "SeriesNumber": 20,
      "SeriesTime": "103717.250000",
      "SliceLocation": -45.608245831865,
      "SliceThickness": 2.2999999523163,
      "SmallestImagePixelValue": 0,
      "SoftwareVersions": "syngo MR B17",
      "SpacingBetweenSlices": 2.2999999685869,
      "SpecificCharacterSet": "ISO_IR 100",
      "StudyID": "1",
      "StudyTime": "094343.265000",
      "TransmitCoilName": "Body",
      "VariableFlipAngleFlag": "N",
      "WindowCenterWidthExplanation": "Algo1",
      "dBdt": 0.0},
